GIT
  remote: https://github.com/LocoDelAssembly/activerecord-postgis-adapter.git
  revision: d2a1d7f489fe7e826dee7d1788f7b9fca24358d2
  specs:
    activerecord-postgis-adapter (3.0.0)
      activerecord

GIT
  remote: https://github.com/LocoDelAssembly/rgeo-activerecord.git
  revision: f368dcc7ac9e3e261a287b785bebf105d145a5fa
  specs:
    rgeo-activerecord (4.0.0)
      activerecord
      rgeo (~> 0.3)

GIT
  remote: https://github.com/LocoDelAssembly/rspec-rails.git
  revision: db31d69960ff07ba0ecf2633ccfeead567c93699
  specs:
    rspec-rails (3.4.0.pre)
      actionpack
      activesupport
      railties
      rspec-core
      rspec-expectations
      rspec-mocks
      rspec-support

GIT
  remote: https://github.com/rails/arel.git
  revision: 935796f4fd7d75950db87156d6540028a9044fdf
  specs:
    arel (7.0.0.alpha)

GIT
  remote: https://github.com/rails/rails.git
  revision: 32b0db266ced3f370d4e989c93a074002153a1c1
  specs:
    actionmailer (5.0.0.alpha)
      actionpack (= 5.0.0.alpha)
      actionview (= 5.0.0.alpha)
      activejob (= 5.0.0.alpha)
      mail (~> 2.5, >= 2.5.4)
      rails-dom-testing (~> 1.0, >= 1.0.5)
    actionpack (5.0.0.alpha)
      actionview (= 5.0.0.alpha)
      activesupport (= 5.0.0.alpha)
      rack (~> 1.6)
      rack-test (~> 0.6.3)
      rails-dom-testing (~> 1.0, >= 1.0.5)
      rails-html-sanitizer (~> 1.0, >= 1.0.2)
    actionview (5.0.0.alpha)
      activesupport (= 5.0.0.alpha)
      builder (~> 3.1)
      erubis (~> 2.7.0)
      rails-dom-testing (~> 1.0, >= 1.0.5)
      rails-html-sanitizer (~> 1.0, >= 1.0.2)
    activejob (5.0.0.alpha)
      activesupport (= 5.0.0.alpha)
      globalid (>= 0.3.0)
    activemodel (5.0.0.alpha)
      activesupport (= 5.0.0.alpha)
      builder (~> 3.1)
    activerecord (5.0.0.alpha)
      activemodel (= 5.0.0.alpha)
      activesupport (= 5.0.0.alpha)
      arel (= 7.0.0.alpha)
    activesupport (5.0.0.alpha)
      concurrent-ruby (~> 0.9.0)
      i18n (~> 0.7)
      json (~> 1.7, >= 1.7.7)
      minitest (~> 5.1)
      thread_safe (~> 0.3, >= 0.3.4)
      tzinfo (~> 1.1)
    rails (5.0.0.alpha)
      actionmailer (= 5.0.0.alpha)
      actionpack (= 5.0.0.alpha)
      actionview (= 5.0.0.alpha)
      activejob (= 5.0.0.alpha)
      activemodel (= 5.0.0.alpha)
      activerecord (= 5.0.0.alpha)
      activesupport (= 5.0.0.alpha)
      bundler (>= 1.3.0, < 2.0)
      railties (= 5.0.0.alpha)
      sprockets-rails
    railties (5.0.0.alpha)
      actionpack (= 5.0.0.alpha)
      activesupport (= 5.0.0.alpha)
      method_source
      rake (>= 0.8.7)
      thor (>= 0.18.1, < 2.0)

GEM
  remote: https://rubygems.org/
  specs:
    acts_as_list (0.7.2)
      activerecord (>= 3.0)
    addressable (2.3.8)
    archive-tar-minitar (0.5.2)
    awesome_nested_set (3.0.2)
      activerecord (>= 4.0.0, < 5)
    awesome_print (1.6.1)
    bcrypt (3.1.10)
    better_errors (2.1.1)
      coderay (>= 1.0.0)
      erubis (>= 2.6.6)
      rack (>= 0.9.0)
    bibtex-ruby (4.0.14)
      latex-decode (~> 0.0)
    binding_of_caller (0.7.2)
      debug_inspector (>= 0.0.1)
    biodiversity (3.2.1)
      gn_uuid (~> 0.5)
      parallel (~> 1.4)
      treetop (~> 1.4.1)
      unicode_utils (~> 1.4)
    builder (3.2.2)
    byebug (5.0.0)
      columnize (= 0.9.0)
    capybara (2.4.4)
      mime-types (>= 1.16)
      nokogiri (>= 1.3.3)
      rack (>= 1.0.0)
      rack-test (>= 0.5.4)
      xpath (~> 2.0)
    chartkick (1.3.2)
    childprocess (0.5.6)
      ffi (~> 1.0, >= 1.0.11)
    chronic (0.10.2)
    citeproc (1.0.2)
      namae (~> 0.8)
    citeproc-ruby (1.1.0)
      citeproc (>= 1.0.2, < 2.0)
      csl (~> 1.4)
    climate_control (0.0.3)
      activesupport (>= 3.0)
    cocaine (0.5.7)
      climate_control (>= 0.0.3, < 1.0)
    coderay (1.1.0)
    coffee-rails (4.1.0)
      coffee-script (>= 2.2.0)
      railties (>= 4.0.0, < 5.0)
    coffee-script (2.4.1)
      coffee-script-source
      execjs
    coffee-script-source (1.9.1.1)
    colored (1.2)
    columnize (0.9.0)
    concurrent-ruby (0.9.0)
    coveralls (0.8.2)
      json (~> 1.8)
      rest-client (>= 1.6.8, < 2)
      simplecov (~> 0.10.0)
      term-ansicolor (~> 1.3)
      thor (~> 0.19.1)
    crack (0.4.2)
      safe_yaml (~> 1.0.0)
    csl (1.4.3)
      namae (~> 0.7)
    csl-styles (1.0.1.6)
      csl (~> 1.0)
    database_cleaner (1.4.1)
    dbf (2.0.10)
      fastercsv (~> 1.5)
    debug_inspector (0.0.2)
    did_you_mean (0.9.10)
      interception
    diff-lcs (1.2.5)
    docile (1.1.5)
    domain_name (0.5.24)
      unf (>= 0.0.5, < 1.0.0)
    dwc-archive (0.9.11)
      archive-tar-minitar (~> 0.5)
      nokogiri (~> 1.6)
      parsley-store (~> 0.3)
    erubis (2.7.0)
    exception_notification (4.1.1)
      actionmailer (>= 3.0.4)
      activesupport (>= 3.0.4)
    execjs (2.5.2)
    factory_girl (4.5.0)
      activesupport (>= 3.0.0)
    factory_girl_rails (4.5.0)
      factory_girl (~> 4.5.0)
      railties (>= 3.0.0)
    faker (1.4.3)
      i18n (~> 0.5)
    fastercsv (1.5.5)
    ffi (1.9.10)
    ffi-geos (1.0.0)
      ffi (>= 1.0.0)
    formatador (0.2.5)
    globalid (0.3.5)
      activesupport (>= 4.1.0)
    gn_uuid (0.5.0)
    groupdate (2.4.0)
      activesupport (>= 3)
    guard (2.13.0)
      formatador (>= 0.2.4)
      listen (>= 2.7, <= 4.0)
      lumberjack (~> 1.0)
      nenv (~> 0.1)
      notiffany (~> 0.0)
      pry (>= 0.9.12)
      shellany (~> 0.0)
      thor (>= 0.18.1)
    guard-compat (1.2.1)
    guard-rspec (4.6.3)
      guard (~> 2.1)
      guard-compat (~> 1.1)
      rspec (>= 2.99.0, < 4.0)
    http-cookie (1.0.2)
      domain_name (~> 0.5)
    i18n (0.7.0)
    inch (0.6.3)
      pry
      sparkr (>= 0.2.0)
      term-ansicolor
      yard (~> 0.8.7.5)
    interception (0.5)
    jbuilder (2.3.1)
      activesupport (>= 3.0.0, < 5)
      multi_json (~> 1.2)
    jquery-rails (3.1.3)
      railties (>= 3.0, < 5.0)
      thor (>= 0.14, < 2.0)
    jquery-turbolinks (2.1.0)
      railties (>= 3.1.0)
      turbolinks
    jquery-ui-rails (5.0.5)
      railties (>= 3.2.16)
    json (1.8.3)
    kaminari (0.16.3)
      actionpack (>= 3.0.0)
      activesupport (>= 3.0.0)
    latex-decode (0.2.2)
      unicode (~> 0.4)
    listen (3.0.3)
      rb-fsevent (>= 0.9.3)
      rb-inotify (>= 0.9)
    loofah (2.0.2)
      nokogiri (>= 1.5.9)
    lumberjack (1.0.9)
    mail (2.6.3)
      mime-types (>= 1.16, < 3)
    method_source (0.8.2)
    mime-types (2.6.1)
    mimemagic (0.3.0)
    mini_portile (0.6.2)
    minitest (5.7.0)
    modularity (2.0.1)
    multi_json (1.11.2)
    namae (0.10.1)
    nenv (0.2.0)
    netrc (0.10.3)
    nokogiri (1.6.6.2)
      mini_portile (~> 0.6.0)
    notiffany (0.0.7)
      nenv (~> 0.1)
      shellany (~> 0.0)
    paper_trail (3.0.8)
      activerecord (>= 3.0, < 5.0)
      activesupport (>= 3.0, < 5.0)
    paperclip (4.3.0)
      activemodel (>= 3.2.0)
      activesupport (>= 3.2.0)
      cocaine (~> 0.5.5)
      mime-types
      mimemagic (= 0.3.0)
    paperclip-meta (1.2.0)
      paperclip (>= 3.0.2, < 5.0)
    parallel (1.6.1)
    parallel_tests (1.6.0)
      parallel
    parsley-store (0.3.5)
      biodiversity (~> 3.1)
      redis (~> 3.0)
    passenger (5.0.14)
      rack
      rake (>= 0.8.1)
    pg (0.18.2)
    polyglot (0.3.5)
    pry (0.10.1)
      coderay (~> 1.1.0)
      method_source (~> 0.8.1)
      slop (~> 3.4)
    psych (2.0.13)
    rabl (0.11.6)
      activesupport (>= 2.3.14)
    rack (1.6.4)
    rack-test (0.6.3)
      rack (>= 1.0)
    rails-deprecated_sanitizer (1.0.3)
      activesupport (>= 4.2.0.alpha)
    rails-dom-testing (1.0.6)
      activesupport (>= 4.2.0.beta, < 5.0)
      nokogiri (~> 1.6.0)
      rails-deprecated_sanitizer (>= 1.0.1)
    rails-html-sanitizer (1.0.2)
      loofah (~> 2.0)
    rake (10.4.2)
    rb-fsevent (0.9.5)
    rb-inotify (0.9.5)
      ffi (>= 0.5.0)
    rdoc (4.2.0)
    redis (3.2.1)
    ref2bibtex (0.0.3)
    require_all (1.3.2)
    responders (2.1.0)
      railties (>= 4.2.0, < 5)
    rest-client (1.8.0)
      http-cookie (>= 1.0.2, < 2.0)
      mime-types (>= 1.16, < 3.0)
      netrc (~> 0.7)
    rgeo (0.3.20)
    rgeo-geojson (0.3.1)
      rgeo (~> 0.3)
    rgeo-shapefile (0.2.3)
      dbf (>= 1.7.0)
      rgeo (>= 0.3.3)
    rmagick (2.15.3)
    rspec (3.3.0)
      rspec-core (~> 3.3.0)
      rspec-expectations (~> 3.3.0)
      rspec-mocks (~> 3.3.0)
    rspec-activemodel-mocks (1.0.1)
      activemodel (>= 3.0)
      activesupport (>= 3.0)
      rspec-mocks (>= 2.99, < 4.0)
    rspec-core (3.3.2)
      rspec-support (~> 3.3.0)
    rspec-expectations (3.3.1)
      diff-lcs (>= 1.2.0, < 2.0)
      rspec-support (~> 3.3.0)
    rspec-mocks (3.3.2)
      diff-lcs (>= 1.2.0, < 2.0)
      rspec-support (~> 3.3.0)
    rspec-support (3.3.0)
    rtesseract (1.2.6)
    rubyzip (1.1.7)
    safe_yaml (1.0.4)
    sass (3.4.16)
    sass-rails (5.0.3)
      railties (>= 4.0.0, < 5.0)
      sass (~> 3.1)
      sprockets (>= 2.8, < 4.0)
      sprockets-rails (>= 2.0, < 4.0)
      tilt (~> 1.1)
    sdoc (0.4.1)
      json (~> 1.7, >= 1.7.7)
      rdoc (~> 4.0)
    selenium-webdriver (2.46.2)
      childprocess (~> 0.5)
      multi_json (~> 1.0)
      rubyzip (~> 1.0)
      websocket (~> 1.0)
    shellany (0.0.1)
    simplecov (0.10.0)
      docile (~> 1.1.0)
      json (~> 1.8)
      simplecov-html (~> 0.10.0)
    simplecov-html (0.10.0)
    slop (3.6.0)
    sparkr (0.4.1)
    spring (1.3.6)
    spring-commands-rspec (1.0.4)
      spring (>= 0.9.1)
    sprockets (3.2.0)
      rack (~> 1.0)
    sprockets-rails (2.3.2)
      actionpack (>= 3.0)
      activesupport (>= 3.0)
      sprockets (>= 2.8, < 4.0)
    sqed (0.1.5)
      rake
      rmagick (~> 2.14)
      rtesseract (~> 1.2.6)
      zxing_cpp (~> 0.1.0)
    taxonifi (0.3.4)
      byebug (~> 5.0)
      rake (~> 10.4)
      require_all (~> 1.3)
    term-ansicolor (1.3.2)
      tins (~> 1.0)
    thor (0.19.1)
    thread_safe (0.3.5)
    tilt (1.4.1)
    timecop (0.7.4)
    timeliness (0.3.7)
    tins (1.5.4)
    treetop (1.4.15)
      polyglot
      polyglot (>= 0.3.1)
    turbolinks (2.5.3)
      coffee-rails
    tzinfo (1.2.2)
      thread_safe (~> 0.1)
    uglifier (2.7.1)
      execjs (>= 0.3.0)
      json (>= 1.8.0)
    unf (0.1.4)
      unf_ext
    unf_ext (0.0.7.1)
    unicode (0.4.4.2)
    unicode_utils (1.4.0)
    validates_timeliness (3.0.14)
      timeliness (~> 0.3.6)
    vcr (2.9.3)
    web-console (2.2.1)
      activemodel (>= 4.0)
      binding_of_caller (>= 0.7.2)
      railties (>= 4.0)
      sprockets-rails (>= 2.0, < 4.0)
    webmock (1.21.0)
      addressable (>= 2.3.6)
      crack (>= 0.3.2)
    websocket (1.2.2)
    xpath (2.0.0)
      nokogiri (~> 1.3)
    yard (0.8.7.6)
    zxing_cpp (0.1.0)
      ffi (~> 1.1)
      rmagick (~> 2.13)

PLATFORMS
  ruby

DEPENDENCIES
  activerecord-postgis-adapter!
  acts_as_list
  arel!
  awesome_nested_set (~> 3.0.2)
  awesome_print
  bcrypt (~> 3.1.7)
  better_errors (~> 2.0)
  bibtex-ruby (~> 4.0.12)
  binding_of_caller
  byebug (~> 5.0)
  capybara (~> 2.1)
  chartkick
  chronic (~> 0.10)
  citeproc-ruby (~> 1.1.0)
  coffee-rails (~> 4.0)
  colored (~> 1.2)
  coveralls (~> 0.7)
  csl (~> 1.4.3)
  csl-styles (~> 1.0.1.6)
  database_cleaner (~> 1.4)
  did_you_mean (~> 0.9.4)
  dwc-archive (~> 0.9.11)
  exception_notification
  execjs
  factory_girl_rails (~> 4.0)
  faker (~> 1.4.3)
  ffi-geos
  groupdate
  guard-rspec (~> 4.5)
  inch
  jbuilder (~> 2.0)
  jquery-rails (~> 3.1.3)
  jquery-turbolinks (~> 2.1)
  jquery-ui-rails (~> 5.0.5)
  kaminari
  latex-decode (~> 0.2.2)
  modularity (~> 2.0.1)
  paper_trail (~> 3.0.5)
  paperclip (~> 4.3)
  paperclip-meta (~> 1.2.0)
  parallel_tests (~> 1.5)
  passenger (~> 5.0.5)
  pg (~> 0.18.1)
  psych (~> 2.0.3)
  rabl
  rails!
  ref2bibtex (~> 0.0.3)
  responders (~> 2.0)
  rgeo-activerecord!
  rgeo-geojson
  rgeo-shapefile
  rmagick (~> 2.14)
  rspec (~> 3.0)
  rspec-activemodel-mocks (~> 1.0.1)
  rspec-rails!
  sass-rails (~> 5.0.2)
  sdoc
  selenium-webdriver (~> 2.46.2)
  spring-commands-rspec (~> 1.0.2)
  sqed (~> 0.1.5)
  taxonifi (~> 0.3.4)
  timecop (~> 0.7.1)
  turbolinks (~> 2.5)
  uglifier (~> 2.4)
  validates_timeliness (~> 3.0.14)
  vcr (~> 2.9.2)
  web-console (~> 2.0)
  webmock (~> 1.21.0)

BUNDLED WITH
   1.10.6
